GEM
  remote: http://rubygems.org/
  specs:
    activesupport (3.0.1)
    amqp (0.7.1)
      eventmachine (>= 0.12.4)
    eventmachine (0.12.10)
    git (1.2.5)
    jeweler (1.6.0)
      bundler (~> 1.0.0)
      git (>= 1.2.5)
      rake
    json (1.5.1)
    rake (0.8.7)
    rcov (0.9.9)
    shoulda (2.11.3)

PLATFORMS
  ruby

DEPENDENCIES
  activesupport (>= 3.0.1)
  amqp (= 0.7.1)
  bundler (~> 1.0.0)
  jeweler (~> 1.6.0)
  json (>= 1.5.1)
  rcov
  shoulda
